GIT
  remote: git://github.com/gjtorikian/html-proofer.git
  revision: 34ab5e8057944e357491040b6e5de919b5e3a222
  specs:
    html-proofer (2.5.1)
      addressable (~> 2.3)
      colored (~> 1.2)
      mercenary (~> 0.3.2)
      nokogiri (~> 1.5)
      parallel (~> 1.3)
      typhoeus (~> 0.7)
      yell (~> 2.0)

GIT
  remote: git://github.com/jekyll/jekyll-sitemap.git
  revision: 8ea5c6e5ef2f123bd4c652d7af69016c3aaa3ad3
  specs:
    jekyll-sitemap (0.10.0)

GEM
  remote: http://rubygems.org/
  specs:
    addressable (2.3.8)
    colorator (0.1)
    colored (1.2)
    ethon (0.7.4)
      ffi (>= 1.3.0)
    ffi (1.9.10)
    jekyll (3.1.1)
      colorator (~> 0.1)
      jekyll-sass-converter (~> 1.0)
      jekyll-watch (~> 1.1)
      kramdown (~> 1.3)
      liquid (~> 3.0)
      mercenary (~> 0.3.3)
      rouge (~> 1.7)
      safe_yaml (~> 1.0)
    jekyll-sass-converter (1.4.0)
      sass (~> 3.4)
    jekyll-watch (1.3.1)
      listen (~> 3.0)
    kramdown (1.9.0)
    liquid (3.0.6)
    listen (3.0.5)
      rb-fsevent (>= 0.9.3)
      rb-inotify (>= 0.9)
    mercenary (0.3.5)
    mini_portile (0.6.2)
    nokogiri (1.6.6.2)
      mini_portile (~> 0.6.0)
    parallel (1.6.1)
    rake (10.4.2)
    rb-fsevent (0.9.7)
    rb-inotify (0.9.5)
      ffi (>= 0.5.0)
    rouge (1.10.1)
    safe_yaml (1.0.4)
    sass (3.4.21)
    typhoeus (0.7.3)
      ethon (>= 0.7.4)
    yell (2.0.5)

PLATFORMS
  ruby

DEPENDENCIES
  html-proofer!
  jekyll (= 3.1.1)
  jekyll-sitemap!
  rake
